GEM
  remote: http://rubygems.org/
  specs:
    addressable (2.2.7)
    childprocess (0.3.1)
      ffi (~> 1.0.6)
    coffee-script (2.2.0)
      coffee-script-source
      execjs
    coffee-script-source (1.3.1)
    diff-lcs (1.1.3)
    execjs (1.3.0)
      multi_json (~> 1.0)
    ffi (1.0.11)
    growl (1.0.3)
    guard (1.0.1)
      ffi (>= 0.5.0)
      thor (~> 0.14.6)
    guard-coffeescript (0.5.7)
      coffee-script (>= 2.2.0)
      guard (>= 0.8.3)
    guard-jasmine (1.1.0)
      childprocess
      guard (>= 0.8.3)
      multi_json
      thor
    guard-process (1.0.3)
      ffi (~> 1.0.9)
      guard (>= 0.4.2)
      spoon (~> 0.0.1)
    guard-uglify (0.1.0)
      guard (>= 0.2.2)
      uglifier
    jasmine (1.1.2)
      jasmine-core (>= 1.1.0)
      rack (>= 1.1)
      rspec (>= 1.3.1)
      selenium-webdriver (>= 0.1.3)
    jasmine-core (1.1.0)
    libwebsocket (0.1.3)
      addressable
    multi_json (1.3.2)
    rack (1.4.1)
    rb-fsevent (0.9.1)
    rspec (2.9.0)
      rspec-core (~> 2.9.0)
      rspec-expectations (~> 2.9.0)
      rspec-mocks (~> 2.9.0)
    rspec-core (2.9.0)
    rspec-expectations (2.9.1)
      diff-lcs (~> 1.1.3)
    rspec-mocks (2.9.0)
    rubyzip (0.9.6.1)
    selenium-webdriver (2.21.2)
      childprocess (>= 0.2.5)
      ffi (~> 1.0)
      libwebsocket (~> 0.1.3)
      multi_json (~> 1.0)
      rubyzip
    spoon (0.0.1)
    thor (0.14.6)
    uglifier (1.2.4)
      execjs (>= 0.3.0)
      multi_json (>= 1.0.2)

PLATFORMS
  ruby

DEPENDENCIES
  growl
  guard
  guard-coffeescript
  guard-jasmine
  guard-process
  guard-uglify
  jasmine
  rb-fsevent
